GEM
  remote: https://rubygems.org/
  specs:
    byebug (3.4.0)
      columnize (~> 0.8)
      debugger-linecache (~> 1.2)
      slop (~> 3.6)
    columnize (0.8.9)
    debugger-linecache (1.2.0)
    diff-lcs (1.2.5)
    fast-stemmer (1.0.2)
    mini_portile (0.6.0)
    nokogiri (1.6.3.1)
      mini_portile (= 0.6.0)
    rspec (3.1.0)
      rspec-core (~> 3.1.0)
      rspec-expectations (~> 3.1.0)
      rspec-mocks (~> 3.1.0)
    rspec-core (3.1.2)
      rspec-support (~> 3.1.0)
    rspec-expectations (3.1.0)
      diff-lcs (>= 1.2.0, < 2.0)
      rspec-support (~> 3.1.0)
    rspec-mocks (3.1.0)
      rspec-support (~> 3.1.0)
    rspec-support (3.1.0)
    slop (3.6.0)

PLATFORMS
  ruby

DEPENDENCIES
  byebug
  fast-stemmer
  nokogiri
  rspec
